GEM
  remote: http://rubygems.org/
  specs:
    addressable (2.3.5)
    awesome_print (1.2.0)
    aws-sdk (1.8.5)
      json (~> 1.4)
      nokogiri (>= 1.4.4)
      uuidtools (~> 2.1)
    blankslate (2.1.2.4)
    classifier (1.3.4)
      fast-stemmer (>= 1.0.0)
    coderay (1.1.0)
    colorator (0.1)
    colored (1.2)
    commander (4.1.5)
      highline (~> 1.6.11)
    configure-s3-website (1.5.2)
      deep_merge (= 1.0.0)
    deep_merge (1.0.0)
    erubis (2.7.0)
    fast-stemmer (1.0.2)
    fastimage (1.5.5)
      addressable (~> 2.3, >= 2.3.5)
    ffi (1.9.3)
    filey-diff (1.4.3)
    highline (1.6.20)
    html2markdown (0.0.3)
      nokogiri
    jekyll (1.4.3)
      classifier (~> 1.3)
      colorator (~> 0.1)
      commander (~> 4.1.3)
      liquid (~> 2.5.5)
      listen (~> 1.3)
      maruku (~> 0.7.0)
      pygments.rb (~> 0.5.0)
      redcarpet (~> 2.3.0)
      safe_yaml (~> 0.9.7)
      toml (~> 0.1.0)
    json (1.8.1)
    liquid (2.5.5)
    listen (1.3.1)
      rb-fsevent (>= 0.9.3)
      rb-inotify (>= 0.9)
      rb-kqueue (>= 0.2)
    maruku (0.7.0)
    method_source (0.8.2)
    mime-types (1.19)
    mini_magick (3.7.0)
      subexec (~> 0.2.1)
    mysql2 (0.3.14)
    narray (0.6.0.8)
    nokogiri (1.5.10)
    parslet (1.5.0)
      blankslate (~> 2.0)
    posix-spawn (0.3.8)
    pry (0.9.12.4)
      coderay (~> 1.0)
      method_source (~> 0.8)
      slop (~> 3.4)
    pygments.rb (0.5.4)
      posix-spawn (~> 0.3.6)
      yajl-ruby (~> 1.1.0)
    rb-fsevent (0.9.4)
    rb-gsl (1.15.3.1)
      narray (>= 0.5.9)
    rb-inotify (0.9.3)
      ffi (>= 0.5.0)
    rb-kqueue (0.2.0)
      ffi (>= 0.5.0)
    redcarpet (2.3.0)
    ruby-oembed (0.8.9)
    s3_website (1.6.7)
      aws-sdk (~> 1.8.5)
      configure-s3-website (= 1.5.2)
      erubis (~> 2.7.0)
      filey-diff (~> 1.4.3)
      mime-types (= 1.19)
      simple-cloudfront-invalidator (~> 1)
      thor (= 0.18.1)
    safe_yaml (0.9.7)
    simple-cloudfront-invalidator (1.0.1)
      colored (= 1.2)
    slop (3.4.7)
    subexec (0.2.3)
    thor (0.18.1)
    toml (0.1.0)
      parslet (~> 1.5.0)
    uuidtools (2.1.4)
    yajl-ruby (1.1.0)

PLATFORMS
  ruby

DEPENDENCIES
  awesome_print
  fastimage
  html2markdown
  jekyll (= 1.4.3)
  mini_magick
  mysql2
  pry
  rb-gsl
  ruby-oembed
  s3_website
